GEM
  remote: http://rubygems.org/
  specs:
    ZenTest (4.5.0)
    activesupport (3.0.6)
    autotest (4.4.6)
      ZenTest (>= 4.4.1)
    bson (1.3.1)
    bson_ext (1.3.1)
    columnize (0.3.2)
    diff-lcs (1.1.2)
    git (1.2.5)
    i18n (0.5.0)
    jeweler (1.5.2)
      bundler (~> 1.0.0)
      git (>= 1.2.5)
      rake
    linecache (0.43)
    minitest (2.0.2)
    mongo (1.3.1)
      bson (>= 1.3.1)
    rake (0.8.7)
    rcov (0.9.9)
    rspec (2.6.0)
      rspec-core (~> 2.6.0)
      rspec-expectations (~> 2.6.0)
      rspec-mocks (~> 2.6.0)
    rspec-core (2.6.3)
    rspec-expectations (2.6.0)
      diff-lcs (~> 1.1.2)
    rspec-mocks (2.6.0)
    ruby-debug (0.10.4)
      columnize (>= 0.1)
      ruby-debug-base (~> 0.10.4.0)
    ruby-debug-base (0.10.4)
      linecache (>= 0.3)
    yard (0.6.6)

PLATFORMS
  ruby

DEPENDENCIES
  activesupport (>= 3.0.0)
  autotest (~> 4.4.6)
  bson (>= 1.3.1)
  bson_ext (>= 1.3.1)
  bundler (~> 1.0.11)
  i18n (>= 0.5.0)
  jeweler (~> 1.5.2)
  minitest
  mongo (>= 1.3.1)
  rcov
  rspec (~> 2.6.0)
  ruby-debug
  yard (~> 0.6.5)
