GEM
  remote: http://rubygems.org/
  specs:
    activesupport (3.0.3)
    autotest (4.4.5)
    bson (1.1.2)
    git (1.2.5)
    i18n (0.4.2)
    jeweler (1.5.1)
      bundler (~> 1.0.0)
      git (>= 1.2.5)
      rake
    minitest (2.0.0)
    mongo (1.1.2)
      bson (>= 1.1.1)
    rake (0.8.7)
    rcov (0.9.9)

PLATFORMS
  ruby

DEPENDENCIES
  activesupport (>= 2.3.5)
  autotest
  bson (~> 1.1)
  bundler (~> 1.0.0)
  i18n (>= 0.4.1)
  jeweler (~> 1.5.1)
  minitest
  mongo (~> 1.1)
  rcov
